GEM
  remote: http://rubygems.org/
  specs:
    hoe (3.5.1)
      rake (>= 0.8, < 11.0)
    rake (10.0.3)
    rake-compiler (0.8.3)
      rake
    rmagick (2.13.2)
    ruby-opencv (0.0.8)

PLATFORMS
  ruby

DEPENDENCIES
  hoe
  rake-compiler
  rmagick
  ruby-opencv
